PATH
  remote: .
  specs:
    hitimes (2.1.0)

GEM
  remote: https://rubygems.org/
  specs:
    docile (1.4.0)
    json (2.6.1)
    minitest (5.15.0)
    minitest-focus (1.3.1)
      minitest (>= 4, < 6)
    psych (4.0.3)
      stringio
    rake (13.0.6)
    rdoc (6.4.0)
      psych (>= 4.0.0)
    simplecov (0.21.2)
      docile (~> 1.1)
      simplecov-html (~> 0.11)
      simplecov_json_formatter (~> 0.1)
    simplecov-html (0.12.3)
    simplecov_json_formatter (0.1.4)
    stringio (3.0.1)

PLATFORMS
  ruby

DEPENDENCIES
  hitimes!
  json (~> 2.2)
  minitest (~> 5.5)
  minitest-focus (~> 1.3)
  rake (~> 13.0)
  rdoc (~> 6.4)
  simplecov (~> 0.21)

BUNDLED WITH
   2.3.11
